GEM
  remote: https://rubygems.org/
  specs:
    aws-sdk (1.5.7)
      httparty (~> 0.7)
      json (~> 1.4)
      nokogiri (>= 1.4.4)
      uuidtools (~> 2.1)
    httparty (0.10.0)
      multi_json (~> 1.0)
      multi_xml
    json (1.7.7)
    multi_json (1.7.2)
    multi_xml (0.5.2)
    nokogiri (1.5.6)
    rack (1.5.2)
    rack-protection (1.5.0)
      rack
    rack-test (0.6.2)
      rack (>= 1.0)
    sinatra (1.4.3)
      rack (~> 1.4)
      rack-protection (~> 1.4)
      tilt (~> 1.3, >= 1.3.4)
    tilt (1.4.1)
    uuidtools (2.1.3)

PLATFORMS
  ruby

DEPENDENCIES
  aws-sdk
  rack-test
  sinatra
